PATH
  remote: .
  specs:
    omniauth-aad-b2c-outh2 (0.1.0)
      activesupport
      jwt
      oauth2
      omniauth
      omniauth-oauth2

GEM
  remote: https://rubygems.org/
  specs:
    activesupport (7.0.4.3)
      concurrent-ruby (~> 1.0, >= 1.0.2)
      i18n (>= 1.6, < 2)
      minitest (>= 5.1)
      tzinfo (~> 2.0)
    concurrent-ruby (1.2.2)
    diff-lcs (1.5.0)
    faraday (2.7.4)
      faraday-net_http (>= 2.0, < 3.1)
      ruby2_keywords (>= 0.0.4)
    faraday-net_http (3.0.2)
    hashie (5.0.0)
    i18n (1.12.0)
      concurrent-ruby (~> 1.0)
    jwt (2.7.0)
    minitest (5.18.0)
    multi_xml (0.6.0)
    oauth2 (2.0.9)
      faraday (>= 0.17.3, < 3.0)
      jwt (>= 1.0, < 3.0)
      multi_xml (~> 0.5)
      rack (>= 1.2, < 4)
      snaky_hash (~> 2.0)
      version_gem (~> 1.1)
    omniauth (2.1.1)
      hashie (>= 3.4.6)
      rack (>= 2.2.3)
      rack-protection
    omniauth-oauth2 (1.8.0)
      oauth2 (>= 1.4, < 3)
      omniauth (~> 2.0)
    rack (3.0.7)
    rack-protection (3.0.5)
      rack
    rake (13.0.6)
    rspec (3.12.0)
      rspec-core (~> 3.12.0)
      rspec-expectations (~> 3.12.0)
      rspec-mocks (~> 3.12.0)
    rspec-core (3.12.1)
      rspec-support (~> 3.12.0)
    rspec-expectations (3.12.2)
      diff-lcs (>= 1.2.0, < 2.0)
      rspec-support (~> 3.12.0)
    rspec-mocks (3.12.4)
      diff-lcs (>= 1.2.0, < 2.0)
      rspec-support (~> 3.12.0)
    rspec-support (3.12.0)
    ruby2_keywords (0.0.5)
    snaky_hash (2.0.1)
      hashie
      version_gem (~> 1.1, >= 1.1.1)
    tzinfo (2.0.6)
      concurrent-ruby (~> 1.0)
    version_gem (1.1.1)

PLATFORMS
  x86_64-darwin-21

DEPENDENCIES
  minitest (~> 5.0)
  omniauth-aad-b2c-outh2!
  rake (~> 13.0)
  rspec

BUNDLED WITH
   2.4.8
